GEM
  remote: https://rubygems.org/
  specs:
    ast (2.2.0)
    astrolabe (1.3.1)
      parser (~> 2.2)
    diff-lcs (1.2.5)
    hurley (0.2)
    mini_portile2 (2.0.0)
    nokogiri (1.6.7.1)
      mini_portile2 (~> 2.0.0.rc2)
    parser (2.2.3.0)
      ast (>= 1.1, < 3.0)
    powerpack (0.1.1)
    rainbow (2.0.0)
    rake (10.4.2)
    rspec (3.4.0)
      rspec-core (~> 3.4.0)
      rspec-expectations (~> 3.4.0)
      rspec-mocks (~> 3.4.0)
    rspec-core (3.4.1)
      rspec-support (~> 3.4.0)
    rspec-expectations (3.4.0)
      diff-lcs (>= 1.2.0, < 2.0)
      rspec-support (~> 3.4.0)
    rspec-mocks (3.4.0)
      diff-lcs (>= 1.2.0, < 2.0)
      rspec-support (~> 3.4.0)
    rspec-support (3.4.1)
    rubocop (0.35.1)
      astrolabe (~> 1.3)
      parser (>= 2.2.3.0, < 3.0)
      powerpack (~> 0.1)
      rainbow (>= 1.99.1, < 3.0)
      ruby-progressbar (~> 1.7)
      tins (<= 1.6.0)
    ruby-progressbar (1.7.5)
    rubyzip (1.1.7)
    solr_wrapper (0.4.1)
      ruby-progressbar
      rubyzip
    tins (1.6.0)

PLATFORMS
  ruby

DEPENDENCIES
  hurley
  nokogiri
  rake
  rspec
  rubocop
  solr_wrapper

BUNDLED WITH
   1.10.6
